GEM
  remote: https://rubygems.org/
  specs:
    ast (1.1.0)
    better_errors (1.0.1)
      coderay (>= 1.0.0)
      erubis (>= 2.6.6)
    binding_of_caller (0.7.2)
      debug_inspector (>= 0.0.1)
    builder (3.2.2)
    celluloid (0.15.2)
      timers (~> 1.1.0)
    childprocess (0.3.9)
      ffi (~> 1.0, >= 1.0.11)
    codeclimate-test-reporter (0.1.1)
      simplecov (>= 0.7.1, < 1.0.0)
    coderay (1.1.0)
    commonwatir (4.0.0)
    coveralls (0.7.0)
      multi_json (~> 1.3)
      rest-client
      simplecov (>= 0.7)
      term-ansicolor
      thor
    cssmin (1.0.3)
    cucumber (1.3.9)
      builder (>= 2.1.2)
      diff-lcs (>= 1.1.3)
      gherkin (~> 2.12)
      multi_json (>= 1.7.5, < 2.0)
      multi_test (>= 0.0.2)
    daemons (1.1.9)
    debug_inspector (0.0.2)
    diff-lcs (1.2.5)
    docile (1.1.0)
    em-websocket (0.5.0)
      eventmachine (>= 0.12.9)
      http_parser.rb (~> 0.5.3)
    erubis (2.7.0)
    eventmachine (1.0.3)
    execjs (2.0.2)
    ffi (1.9.3)
    formatador (0.2.4)
    gherkin (2.12.2)
      multi_json (~> 1.3)
    growl (1.0.3)
    guard (2.0.5)
      formatador (>= 0.2.4)
      listen (~> 2.0)
      lumberjack (~> 1.0)
      pry (>= 0.9.12)
      thor (>= 0.18.1)
    guard-bundler (0.1.3)
      bundler (>= 1.0.0)
      guard (>= 0.2.2)
    guard-jammit (1.0.1)
      guard (>= 1.1.0)
      jammit
    guard-livereload (2.0.0)
      em-websocket (~> 0.5)
      guard (~> 2.0)
      multi_json (~> 1.8)
    guard-rack (1.4.0)
      ffi
      guard
      libnotify
      rb-inotify
      spoon
    guard-sass (1.3.2)
      guard (>= 1.1.0)
      sass (>= 3.1)
    guard-shell (0.5.1)
      guard (>= 1.1.0)
    http_parser.rb (0.5.3)
    jammit (0.6.6)
      cssmin (>= 1.0.3)
      jsmin (>= 1.0.1)
    jsmin (1.0.1)
    json (1.8.1)
    libnotify (0.8.2)
      ffi (>= 1.0.11)
    listen (2.2.0)
      celluloid (>= 0.15.2)
      rb-fsevent (>= 0.9.3)
      rb-inotify (>= 0.9)
    lockfile (2.1.0)
    lumberjack (1.0.4)
    method_source (0.8.2)
    mime-types (2.0)
    multi_json (1.8.2)
    multi_test (0.0.2)
    newrelic_rpm (3.6.9.171)
    parser (2.0.0)
      ast (~> 1.1)
      slop (~> 3.4, >= 3.4.5)
    pg (0.17.0)
    powerpack (0.0.9)
    pry (0.9.12.3)
      coderay (~> 1.0)
      method_source (~> 0.8)
      slop (~> 3.4)
    rack (1.5.2)
    rack-livereload (0.3.15)
      rack
    rack-protection (1.5.1)
      rack
    rack-test (0.6.2)
      rack (>= 1.0)
    rainbow (1.1.4)
    rake (10.1.0)
    rb-fsevent (0.9.3)
    rb-inotify (0.9.2)
      ffi (>= 0.5.0)
    rest-client (1.6.7)
      mime-types (>= 1.16)
    rspec (2.14.1)
      rspec-core (~> 2.14.0)
      rspec-expectations (~> 2.14.0)
      rspec-mocks (~> 2.14.0)
    rspec-core (2.14.7)
    rspec-expectations (2.14.4)
      diff-lcs (>= 1.1.3, < 2.0)
    rspec-mocks (2.14.4)
    rubocop (0.15.0)
      parser (~> 2.0)
      powerpack (~> 0.0.6)
      rainbow (>= 1.1.4)
    rubyzip (1.0.0)
    sass (3.2.12)
    selenium-webdriver (2.37.0)
      childprocess (>= 0.2.5)
      multi_json (~> 1.0)
      rubyzip (~> 1.0.0)
      websocket (~> 1.0.4)
    simplecov (0.8.1)
      docile (~> 1.1.0)
      lockfile (>= 2.1.0)
      multi_json
      simplecov-html (~> 0.8.0)
    simplecov-html (0.8.0)
    sinatra (1.4.4)
      rack (~> 1.4)
      rack-protection (~> 1.4)
      tilt (~> 1.3, >= 1.3.4)
    slop (3.4.7)
    spoon (0.0.4)
      ffi
    term-ansicolor (1.2.2)
      tins (~> 0.8)
    thin (1.6.1)
      daemons (>= 1.0.9)
      eventmachine (>= 1.0.0)
      rack (>= 1.0.0)
    thor (0.18.1)
    tilt (1.4.1)
    timers (1.1.0)
    tins (0.13.1)
    uglifier (2.3.1)
      execjs (>= 0.3.0)
      json (>= 1.8.0)
    watir (4.0.2)
      commonwatir (~> 4)
      watir-webdriver
    watir-webdriver (0.6.4)
      selenium-webdriver (>= 2.18.0)
    websocket (1.0.7)

PLATFORMS
  ruby

DEPENDENCIES
  better_errors
  binding_of_caller
  codeclimate-test-reporter
  coveralls
  cucumber
  growl
  guard (~> 2.0.0)
  guard-bundler
  guard-jammit
  guard-livereload
  guard-rack
  guard-sass
  guard-shell
  jammit
  newrelic_rpm
  pg
  pry (>= 0.9.12)
  rack-livereload
  rack-test
  rake
  rb-fsevent
  rspec
  rubocop
  sass
  sinatra
  thin
  uglifier
  watir (~> 4.0.0)
